GEM
  remote: https://rubygems.org/
  specs:
    addressable (2.7.0)
      public_suffix (>= 2.0.2, < 5.0)
    aruba (1.0.4)
      childprocess (>= 2.0, < 5.0)
      contracts (~> 0.16.0)
      cucumber (>= 2.4, < 6.0)
      rspec-expectations (~> 3.4)
      thor (~> 1.0)
    backports (3.20.2)
    builder (3.2.4)
    childprocess (4.0.0)
    contracts (0.16.0)
    cucumber (3.2.0)
      builder (>= 2.1.2)
      cucumber-core (~> 3.2.0)
      cucumber-expressions (~> 6.0.1)
      cucumber-wire (~> 0.0.1)
      diff-lcs (~> 1.3)
      gherkin (~> 5.1.0)
      multi_json (>= 1.7.5, < 2.0)
      multi_test (>= 0.1.2)
    cucumber-core (3.2.1)
      backports (>= 3.8.0)
      cucumber-tag_expressions (~> 1.1.0)
      gherkin (~> 5.0)
    cucumber-expressions (6.0.1)
    cucumber-tag_expressions (1.1.1)
    cucumber-wire (0.0.1)
    diff-lcs (1.4.4)
    ffi (1.14.2)
    ffi (1.14.2-x64-mingw32)
    gherkin (5.1.0)
    launchy (2.5.0)
      addressable (~> 2.7)
    multi_json (1.15.0)
    multi_test (0.1.2)
    public_suffix (4.0.6)
    rake (12.3.3)
    rspec (3.10.0)
      rspec-core (~> 3.10.0)
      rspec-expectations (~> 3.10.0)
      rspec-mocks (~> 3.10.0)
    rspec-core (3.10.1)
      rspec-support (~> 3.10.0)
    rspec-expectations (3.10.1)
      diff-lcs (>= 1.2.0, < 2.0)
      rspec-support (~> 3.10.0)
    rspec-mocks (3.10.2)
      diff-lcs (>= 1.2.0, < 2.0)
      rspec-support (~> 3.10.0)
    rspec-support (3.10.2)
    sync_enum (0.1.0)
    thor (1.1.0)

PLATFORMS
  ruby
  x64-mingw32

DEPENDENCIES
  aruba (~> 1.0.4)
  cucumber (~> 3.1)
  ffi (~> 1.14.2)
  launchy (~> 2.5)
  rake (~> 12.3.3)
  rspec (~> 3.9)
  sync_enum

BUNDLED WITH
   2.2.17
